GEM
  remote: https://rubygems.org/
  specs:
    chronic (0.10.2)
    mini_portile2 (2.4.0)
    nokogiri (1.10.10)
      mini_portile2 (~> 2.4.0)
    whenever (1.0.0)
      chronic (>= 0.6.3)

PLATFORMS
  ruby

DEPENDENCIES
  nokogiri
  whenever

BUNDLED WITH
   2.1.4
